PATH
  remote: .
  specs:
    dynamocli (0.1.8)
      aws-sdk-cloudformation
      aws-sdk-dynamodb
      ox
      thor
      tty-logger

GEM
  remote: https://rubygems.org/
  specs:
    aws-eventstream (1.2.0)
    aws-partitions (1.855.0)
    aws-sdk-cloudformation (1.93.0)
      aws-sdk-core (~> 3, >= 3.184.0)
      aws-sigv4 (~> 1.1)
    aws-sdk-core (3.187.1)
      aws-eventstream (~> 1, >= 1.0.2)
      aws-partitions (~> 1, >= 1.651.0)
      aws-sigv4 (~> 1.5)
      jmespath (~> 1, >= 1.6.1)
    aws-sdk-dynamodb (1.96.0)
      aws-sdk-core (~> 3, >= 3.184.0)
      aws-sigv4 (~> 1.1)
    aws-sigv4 (1.6.1)
      aws-eventstream (~> 1, >= 1.0.2)
    byebug (11.1.3)
    diff-lcs (1.5.0)
    jmespath (1.6.2)
    ox (2.14.14)
    pastel (0.8.0)
      tty-color (~> 0.5)
    rake (13.1.0)
    rspec (3.12.0)
      rspec-core (~> 3.12.0)
      rspec-expectations (~> 3.12.0)
      rspec-mocks (~> 3.12.0)
    rspec-core (3.12.2)
      rspec-support (~> 3.12.0)
    rspec-expectations (3.12.3)
      diff-lcs (>= 1.2.0, < 2.0)
      rspec-support (~> 3.12.0)
    rspec-mocks (3.12.6)
      diff-lcs (>= 1.2.0, < 2.0)
      rspec-support (~> 3.12.0)
    rspec-support (3.12.1)
    thor (1.2.2)
    tty-color (0.6.0)
    tty-logger (0.6.0)
      pastel (~> 0.8)

PLATFORMS
  x86_64-linux

DEPENDENCIES
  bundler
  byebug
  dynamocli!
  rake (~> 13.0)
  rspec (~> 3.0)

BUNDLED WITH
   2.3.27
